{
    "TaskName": "rest",
    "Manufacturer": "Biosemi",
    "PowerLineFrequency": 50,
    "SamplingFrequency": 512.0,
    "SoftwareFilters": "n/a",
    "RecordingDuration": 3766.998046875,
    "RecordingType": "continuous",
    "EEGReference": "n/a",
    "EEGGround": "n/a",
    "EEGPlacementScheme": "based on the extended 10/20 system",
    "EEGChannelCount": 32,
    "EOGChannelCount": 4,
    "ECGChannelCount": 0,
    "EMGChannelCount": 4,
    "MiscChannelCount": 7,
    "TriggerChannelCount": 1
}
